GIT
  remote: git://github.com/sferik/rails_admin.git
  revision: 1ee2f2af816bd484207f43d87f859fd2b6e1b8b5
  specs:
    rails_admin (0.0.1)
      builder (~> 2.1.0)
      rails (~> 3.0.6)

GEM
  remote: http://rubygems.org/
  specs:
    ZenTest (4.5.0)
    abstract (1.0.0)
    actionmailer (3.0.6)
      actionpack (= 3.0.6)
      mail (~> 2.2.15)
    actionpack (3.0.6)
      activemodel (= 3.0.6)
      activesupport (= 3.0.6)
      builder (~> 2.1.2)
      erubis (~> 2.6.6)
      i18n (~> 0.5.0)
      rack (~> 1.2.1)
      rack-mount (~> 0.6.14)
      rack-test (~> 0.5.7)
      tzinfo (~> 0.3.23)
    activemodel (3.0.6)
      activesupport (= 3.0.6)
      builder (~> 2.1.2)
      i18n (~> 0.5.0)
    activerecord (3.0.6)
      activemodel (= 3.0.6)
      activesupport (= 3.0.6)
      arel (~> 2.0.2)
      tzinfo (~> 0.3.23)
    activeresource (3.0.6)
      activemodel (= 3.0.6)
      activesupport (= 3.0.6)
    activesupport (3.0.6)
    acts-as-taggable-on (2.0.6)
    addressable (2.2.5)
    arel (2.0.9)
    awesome_print (0.3.2)
    bcrypt-ruby (2.1.4)
    builder (2.1.2)
    couchrest (1.0.2)
      json (~> 1.5.1)
      mime-types (~> 1.15)
      rest-client (~> 1.6.1)
    daemons (1.1.2)
    delayed_job (2.1.4)
      activesupport (~> 3.0)
      daemons
    devise (1.2.1)
      bcrypt-ruby (~> 2.1.2)
      orm_adapter (~> 0.0.3)
      warden (~> 1.0.3)
    diff-lcs (1.1.2)
    domainatrix (0.0.10)
      addressable
    erubis (2.6.6)
      abstract (>= 1.0.0)
    escape (0.0.4)
    factory_girl (1.3.3)
    factory_girl_rails (1.0.1)
      factory_girl (~> 1.3)
      railties (>= 3.0.0)
    faraday (0.6.0)
      addressable (~> 2.2.4)
      multipart-post (~> 1.1.0)
      rack (< 2, >= 1.1.0)
    faraday_middleware (0.6.3)
      faraday (~> 0.6.0)
    google-search (1.0.2)
      json
    hashie (1.0.0)
    i18n (0.5.0)
    jquery-rails (0.2.7)
      rails (~> 3.0)
      thor (~> 0.14.4)
    json (1.5.1)
    mail (2.2.15)
      activesupport (>= 2.3.6)
      i18n (>= 0.4.0)
      mime-types (~> 1.16)
      treetop (~> 1.4.8)
    mime-types (1.16)
    mocha (0.9.12)
    multi_json (0.0.5)
    multi_xml (0.2.2)
    multipart-post (1.1.0)
    net-ldap (0.1.1)
    nifty-generators (0.4.6)
    nokogiri (1.4.4)
    oa-basic (0.2.1)
      multi_json (~> 0.0.2)
      nokogiri (~> 1.4.2)
      oa-core (= 0.2.1)
      rest-client (~> 1.6.0)
    oa-core (0.2.1)
      rack (~> 1.1)
    oa-enterprise (0.2.1)
      net-ldap (~> 0.1.1)
      nokogiri (~> 1.4.2)
      oa-core (= 0.2.1)
      pyu-ruby-sasl (~> 0.0.3.1)
      rubyntlm (~> 0.1.1)
    oa-more (0.2.1)
      multi_json (~> 0.0.2)
      oa-core (= 0.2.1)
      rest-client (~> 1.6.0)
    oa-oauth (0.2.1)
      multi_json (~> 0.0.2)
      nokogiri (~> 1.4.2)
      oa-core (= 0.2.1)
      oauth (~> 0.4.0)
      oauth2 (~> 0.2.0)
    oa-openid (0.2.1)
      oa-core (= 0.2.1)
      rack-openid (~> 1.2.0)
      ruby-openid-apps-discovery
    oauth (0.4.4)
    oauth2 (0.2.0)
      faraday (~> 0.6.0)
      multi_json (~> 0.0.4)
    omniauth (0.2.1)
      oa-basic (= 0.2.1)
      oa-core (= 0.2.1)
      oa-enterprise (= 0.2.1)
      oa-more (= 0.2.1)
      oa-oauth (= 0.2.1)
      oa-openid (= 0.2.1)
    orm_adapter (0.0.4)
    polyglot (0.3.1)
    pr_geohash (1.0.0)
    pyu-ruby-sasl (0.0.3.2)
    rack (1.2.2)
    rack-mount (0.6.14)
      rack (>= 1.0.0)
    rack-openid (1.2.0)
      rack (>= 1.1.0)
      ruby-openid (>= 2.1.8)
    rack-test (0.5.7)
      rack (>= 1.0)
    rails (3.0.6)
      actionmailer (= 3.0.6)
      actionpack (= 3.0.6)
      activerecord (= 3.0.6)
      activeresource (= 3.0.6)
      activesupport (= 3.0.6)
      bundler (~> 1.0)
      railties (= 3.0.6)
    rails3-generators (0.17.4)
      railties (>= 3.0.0)
    railties (3.0.6)
      actionpack (= 3.0.6)
      activesupport (= 3.0.6)
      rake (>= 0.8.7)
      thor (~> 0.14.4)
    rake (0.8.7)
    rash (0.3.0)
      hashie (~> 1.0.0)
    rest-client (1.6.1)
      mime-types (>= 1.16)
    rsolr (0.12.1)
      builder (>= 2.1.2)
    rspec (2.5.0)
      rspec-core (~> 2.5.0)
      rspec-expectations (~> 2.5.0)
      rspec-mocks (~> 2.5.0)
    rspec-core (2.5.1)
    rspec-expectations (2.5.0)
      diff-lcs (~> 1.1.2)
    rspec-mocks (2.5.0)
    rspec-rails (2.5.0)
      actionpack (~> 3.0)
      activesupport (~> 3.0)
      railties (~> 3.0)
      rspec (~> 2.5.0)
    ruby-openid (2.1.8)
    ruby-openid-apps-discovery (1.2.0)
      ruby-openid (>= 2.1.7)
    rubyntlm (0.1.1)
    simple_oauth (0.1.4)
    sqlite3 (1.3.3)
    sunspot (1.2.1)
      escape (= 0.0.4)
      pr_geohash (~> 1.0)
      rsolr (= 0.12.1)
    sunspot_rails (1.2.1)
      nokogiri
      sunspot (= 1.2.1)
    thor (0.14.6)
    treetop (1.4.9)
      polyglot (>= 0.3.1)
    twitter (1.3.0)
      faraday (~> 0.6.0)
      faraday_middleware (~> 0.6.3)
      hashie (~> 1.0.0)
      multi_json (~> 0.0.5)
      multi_xml (~> 0.2.0)
      rash (~> 0.3.0)
      simple_oauth (~> 0.1.4)
    twitter-text (1.3.1)
      actionpack
    tzinfo (0.3.26)
    warden (1.0.3)
      rack (>= 1.0.0)
    will_paginate (3.0.pre2)
    yajl-ruby (0.8.2)

PLATFORMS
  ruby

DEPENDENCIES
  ZenTest
  acts-as-taggable-on
  awesome_print
  couchrest
  delayed_job
  devise
  domainatrix
  factory_girl_rails
  google-search
  hashie
  jquery-rails
  json
  mocha
  nifty-generators
  omniauth
  rails (= 3.0.6)
  rails3-generators
  rails_admin!
  rspec-rails
  sqlite3
  sunspot_rails
  twitter
  twitter-text
  will_paginate (~> 3.0.pre2)
  yajl-ruby
